GEM
  remote: https://rubygems.org/
  specs:
    jwt (2.1.0)
    mqtt (0.5.0)
    nexmo (5.6.0)
      jwt (~> 2)
    pg (1.1.4-x64-mingw32)

PLATFORMS
  x64-mingw32

DEPENDENCIES
  mqtt
  nexmo
  pg

BUNDLED WITH
   2.0.1
